PATH
  remote: .
  specs:
    seahorse-rails-demo (0.0.1)
      activesupport
      oj

PATH
  remote: /Users/lsegal/aws/ruby/sdk2
  specs:
    aws-sdk-core (2.0)
      json (~> 1.4)
      nokogiri (>= 1.4.6)
      uuidtools (~> 2.1)

GEM
  remote: https://rubygems.org/
  specs:
    activesupport (3.2.13)
      i18n (= 0.6.1)
      multi_json (~> 1.0)
    i18n (0.6.1)
    json (1.7.7)
    multi_json (1.7.2)
    nokogiri (1.5.9)
    oj (2.0.11)
    uuidtools (2.1.4)

PLATFORMS
  ruby

DEPENDENCIES
  aws-sdk-core!
  seahorse-rails-demo!
